PATH
  remote: /Users/dhs/zjc/playground/ra_grizzly
  specs:
    grizzly-weibo (0.3.7)
      faraday (~> 0.7.6)
      faraday-stack (~> 0.1.5)

GEM
  specs:
    addressable (2.2.8)
    faraday (0.7.6)
      addressable (~> 2.2)
      multipart-post (~> 1.1)
      rack (~> 1.1)
    faraday-stack (0.1.5)
      faraday (>= 0.6, < 0.8)
    multipart-post (1.1.5)
    rack (1.4.1)

PLATFORMS
  ruby

DEPENDENCIES
  grizzly-weibo!
