PATH
  remote: /Users/dhs/zjc/playground/ra_grizzly
  specs:
    grizzly-weibo (0.3.7)
      faraday (~> 0.7.6)
      faraday-stack (~> 0.1.5)

GEM
  specs:
    activemodel (3.2.3)
      activesupport (= 3.2.3)
      builder (~> 3.0.0)
    activesupport (3.2.3)
      i18n (~> 0.6)
      multi_json (~> 1.0)
    addressable (2.2.8)
    bson (1.6.4)
    builder (3.0.0)
    faraday (0.7.6)
      addressable (~> 2.2)
      multipart-post (~> 1.1)
      rack (~> 1.1)
    faraday-stack (0.1.5)
      faraday (>= 0.6, < 0.8)
    i18n (0.6.0)
    mongo (1.6.4)
      bson (~> 1.6.4)
    mongoid (2.4.10)
      activemodel (~> 3.1)
      mongo (~> 1.3)
      tzinfo (~> 0.3.22)
    multi_json (1.3.6)
    multipart-post (1.1.5)
    rack (1.4.1)
    tzinfo (0.3.33)

PLATFORMS
  ruby

DEPENDENCIES
  grizzly-weibo!
  mongoid
