GEM
  specs:
    activemodel (3.2.3)
      activesupport (= 3.2.3)
      builder (~> 3.0.0)
    activesupport (3.2.3)
      i18n (~> 0.6)
      multi_json (~> 1.0)
    builder (3.0.0)
    i18n (0.6.1)
    multi_json (1.3.6)

PLATFORMS
  ruby

DEPENDENCIES
  activemodel (= 3.2.3)
  activesupport (= 3.2.3)
