GEM
  remote: http://rubygems.org/
  specs:
    activesupport (3.2.3)
      i18n (~> 0.6)
      multi_json (~> 1.0)
    crack (0.3.1)
    git (1.2.5)
    haml (3.1.7)
    hashie (1.2.0)
    httparty (0.9.0)
      multi_json (~> 1.0)
      multi_xml
    i18n (0.6.1)
    jeweler (1.8.4)
      bundler (~> 1.0)
      git (>= 1.2.5)
      rake
      rdoc
    json (1.7.5)
    multi_json (1.3.6)
    multi_xml (0.5.1)
    oauth (0.4.7)
    rake (0.9.2.2)
    rdoc (3.12)
      json (~> 1.4)
    weibo (0.0.14)
      crack
      hashie
      hashie
      httparty
      httparty (>= 0.5.2)
      jeweler
      oauth
      oauth (~> 0.4.1)

PLATFORMS
  ruby

DEPENDENCIES
  activesupport (= 3.2.3)
  haml
  json
  oauth
  weibo
