GEM
  remote: http://rubygems.org/
  specs:
    crack (0.3.1)
    git (1.2.5)
    haml (3.0.17)
    hashie (1.2.0)
    httparty (0.8.3)
      multi_json (~> 1.0)
      multi_xml
    jeweler (1.8.3)
      bundler (~> 1.0)
      git (>= 1.2.5)
      rake
      rdoc
    json (1.6.6)
    multi_json (1.2.0)
    multi_xml (0.4.4)
    oauth (0.4.6)
    rake (0.9.2.2)
    rdoc (3.12)
      json (~> 1.4)
    weibo (0.0.11)
      crack
      hashie
      hashie
      httparty
      httparty (>= 0.5.2)
      jeweler
      oauth
      oauth (~> 0.4.1)

PLATFORMS
  ruby

DEPENDENCIES
  haml
  json
  oauth
  weibo
