GEM
  remote: http://ruby.taobao.org/
  specs:
    activemodel (3.2.11)
      activesupport (= 3.2.11)
      builder (~> 3.0.0)
    activesupport (3.2.11)
      i18n (~> 0.6)
      multi_json (~> 1.0)
    bson (1.8.1)
    builder (3.0.4)
    i18n (0.6.1)
    mongo (1.8.1)
      bson (~> 1.8.1)
    mongoid (2.4.10)
      activemodel (~> 3.1)
      mongo (~> 1.3)
      tzinfo (~> 0.3.22)
    multi_json (1.5.0)
    rake (10.0.3)
    tzinfo (0.3.35)

PLATFORMS
  ruby

DEPENDENCIES
  mongoid (= 2.4.10)
  rake
